{
  "InstitutionAddress": "Ann Arbor, Michigan 48109, USA",
  "InstitutionName": "University of Michigan",
  "InstitutionalDepartmentName": "Department of Biomedical Engineering",
  "PowerLineFrequency": 60,
  "ManufacturersModelName": "Biosemi Active II",
  "SamplingFrequency": 256,
  "EEGChannelCount": 128,
  "EOGChannelCount": 3,
  "EMGChannelCount": 10,
  "EEGReference": "common median",
  "ECGChannelCount": 0,
  "MiscChannelCount": 8,
  "SoftwareFilters": {
    "HighPassFilter": {
      "cutoff": "1 (Hz)"
    },
    "Cleanline": {
      "linefreqs": "60, 120, 180, 240 (Hz)"
    }
  },
  "TaskName": "mixed",
  "RecordingType": "continuous",
  "RecordingDuration": 638.984375
}